GEM
  remote: https://rubygems.org/
  specs:
    bson (1.11.0)
    bson_ext (1.11.0)
      bson (~> 1.11.0)
    diff-lcs (1.1.3)
    mongo (1.11.0)
      bson (= 1.11.0)
    rspec (2.7.0)
      rspec-core (~> 2.7.0)
      rspec-expectations (~> 2.7.0)
      rspec-mocks (~> 2.7.0)
    rspec-core (2.7.1)
    rspec-expectations (2.7.0)
      diff-lcs (~> 1.1.2)
    rspec-mocks (2.7.0)

PLATFORMS
  ruby

DEPENDENCIES
  bson_ext
  mongo
  rspec (~> 2.7.0)
